GEM
  remote: http://rubygems.org/
  remote: http://gemcutter.org/
  specs:
    activesupport (3.0.1)
    addressable (2.2.5)
    csv-mapper (0.5.1)
      fastercsv
    daemons (1.1.0)
    diff-lcs (1.1.2)
    faraday (0.6.1)
      addressable (~> 2.2.4)
      multipart-post (~> 1.1.0)
      rack (>= 1.1.0, < 2)
    faraday_middleware (0.6.3)
      faraday (~> 0.6.0)
    fastercsv (1.5.4)
    gmail (0.3.4)
      mail (>= 2.2.1)
      mime (>= 0.1)
    hashie (1.0.0)
    i18n (0.4.1)
    mail (2.2.7)
      activesupport (>= 2.3.6)
      mime-types
      treetop (>= 1.4.5)
    mime (0.1)
    mime-types (1.16)
    multi_json (1.0.1)
    multi_xml (0.2.2)
    multipart-post (1.1.0)
    polyglot (0.3.1)
    pony (1.0.1)
      mail (> 2.0)
    rack (1.2.2)
    rash (0.3.0)
      hashie (~> 1.0.0)
    rspec (2.5.0)
      rspec-core (~> 2.5.0)
      rspec-expectations (~> 2.5.0)
      rspec-mocks (~> 2.5.0)
    rspec-core (2.5.1)
    rspec-expectations (2.5.0)
      diff-lcs (~> 1.1.2)
    rspec-mocks (2.5.0)
    rufus-scheduler (2.0.6)
    simple-rss (1.2.3)
    simple_oauth (0.1.5)
    treetop (1.4.8)
      polyglot (>= 0.3.1)
    twitter (1.4.1)
      faraday (~> 0.6.1)
      faraday_middleware (~> 0.6.3)
      hashie (~> 1.0.0)
      multi_json (~> 1.0.0)
      multi_xml (~> 0.2.0)
      rash (~> 0.3.0)
      simple_oauth (~> 0.1.4)

PLATFORMS
  ruby

DEPENDENCIES
  csv-mapper
  daemons
  gmail
  i18n
  pony
  rspec
  rufus-scheduler
  simple-rss
  twitter
