GEM
  remote: http://rubygems.org/
  remote: http://gemcutter.org/
  specs:
    activesupport (3.0.1)
    aws-ses (0.4.4)
      builder
      mail (> 2.2.5)
      mime-types
      xml-simple
    builder (3.0.4)
    daemons (1.1.0)
    diff-lcs (1.1.2)
    eventmachine (1.0.0)
    faraday (0.8.7)
      multipart-post (~> 1.1)
    gmail (0.3.4)
      mail (>= 2.2.1)
      mime (>= 0.1)
    i18n (0.4.1)
    leanback (0.4.1)
      rest-client
      yajl-ruby
    mail (2.2.7)
      activesupport (>= 2.3.6)
      mime-types
      treetop (>= 1.4.5)
    mime (0.1)
    mime-types (1.23)
    multi_json (1.7.2)
    multipart-post (1.2.0)
    polyglot (0.3.1)
    pony (1.0.1)
      mail (> 2.0)
    rack (1.5.1)
    rack-protection (1.3.2)
      rack
    rake (0.9.2)
    rest-client (1.6.7)
      mime-types (>= 1.16)
    rspec (2.5.0)
      rspec-core (~> 2.5.0)
      rspec-expectations (~> 2.5.0)
      rspec-mocks (~> 2.5.0)
    rspec-core (2.5.1)
    rspec-expectations (2.5.0)
      diff-lcs (~> 1.1.2)
    rspec-mocks (2.5.0)
    rufus-scheduler (2.0.10)
      tzinfo (>= 0.3.23)
    simple_oauth (0.2.0)
    sinatra (1.3.4)
      rack (~> 1.4)
      rack-protection (~> 1.3)
      tilt (~> 1.3, >= 1.3.3)
    thin (1.5.0)
      daemons (>= 1.0.9)
      eventmachine (>= 0.12.6)
      rack (>= 1.0.0)
    tilt (1.3.3)
    treetop (1.4.8)
      polyglot (>= 0.3.1)
    twitter (4.6.2)
      faraday (~> 0.8, < 0.10)
      multi_json (~> 1.0)
      simple_oauth (~> 0.2)
    tzinfo (0.3.29)
    uuidtools (2.1.3)
    xml-simple (1.1.2)
    yajl-ruby (1.1.0)

PLATFORMS
  ruby

DEPENDENCIES
  aws-ses
  daemons
  gmail
  i18n
  leanback
  pony
  rake
  rspec
  rufus-scheduler
  sinatra
  thin
  twitter
  uuidtools
  yajl-ruby
